GEM
  remote: https://rubygems.org/
  specs:
    activemodel (3.2.13)
      activesupport (= 3.2.13)
      builder (~> 3.0.0)
    activerecord (3.2.13)
      activemodel (= 3.2.13)
      activesupport (= 3.2.13)
      arel (~> 3.0.2)
      tzinfo (~> 0.3.29)
    activesupport (3.2.13)
      i18n (= 0.6.1)
      multi_json (~> 1.0)
    arel (3.0.2)
    builder (3.0.4)
    colorize (0.5.8)
    database_cleaner (1.0.1)
    diff-lcs (1.2.4)
    hirb (0.7.1)
    i18n (0.6.1)
    multi_json (1.7.3)
    rspec (2.13.0)
      rspec-core (~> 2.13.0)
      rspec-expectations (~> 2.13.0)
      rspec-mocks (~> 2.13.0)
    rspec-core (2.13.1)
    rspec-expectations (2.13.0)
      diff-lcs (>= 1.1.3, < 2.0)
    rspec-mocks (2.13.1)
    sqlite3 (1.3.7)
    tzinfo (0.3.37)

PLATFORMS
  ruby

DEPENDENCIES
  activerecord
  colorize
  database_cleaner
  hirb
  rspec
  sqlite3
